GEM
  remote: https://rubygems.org/
  specs:

PLATFORMS
  x86_64-linux

DEPENDENCIES
  bundler (~> 2.3.5)

BUNDLED WITH
   2.3.5
